PATH
  remote: .
  specs:
    alchemy_api (0.1.2)
      json
      monster_mash

GEM
  remote: http://rubygems.org/
  specs:
    diff-lcs (1.1.3)
    json (1.6.1)
    mime-types (1.16)
    monster_mash (0.2.3)
      typhoeus (>= 0.2.4)
      typhoeus (>= 0.2.4)
    rspec (2.6.0)
      rspec-core (~> 2.6.0)
      rspec-expectations (~> 2.6.0)
      rspec-mocks (~> 2.6.0)
    rspec-core (2.6.4)
    rspec-expectations (2.6.0)
      diff-lcs (~> 1.1.2)
    rspec-mocks (2.6.0)
    typhoeus (0.2.4)
      mime-types
      mime-types
    typhoeus_spec_cache (0.2.2)

PLATFORMS
  ruby

DEPENDENCIES
  alchemy_api!
  rspec
  typhoeus_spec_cache
